GIT
  remote: git://github.com/lotus/lotus.git
  revision: 2f28a6fb0ca5cd82210b2bda29b3c4f91e911c2e
  specs:
    lotusrb (0.1.0)
      lotus-controller (~> 0.2)
      lotus-router (~> 0.1, >= 0.1.1)
      lotus-utils (~> 0.2)
      lotus-view (~> 0.2)
      thor (= 0.19.1)

GIT
  remote: git://github.com/lotus/model.git
  revision: 3d6ef06b3d75cc4dbedf7bd0803788e0cf24949d
  specs:
    lotus-model (0.2.0.dev)
      lotus-utils (~> 0.3, >= 0.3.0.dev)
      sequel (~> 4.9)

GEM
  remote: https://rubygems.org/
  specs:
    http_router (0.11.1)
      rack (>= 1.0.0)
      url_mount (~> 0.2.1)
    lotus-controller (0.2.0)
      lotus-utils (~> 0.2)
      rack (~> 1.5)
    lotus-router (0.1.1)
      http_router (~> 0)
      lotus-utils (~> 0)
    lotus-utils (0.3.0)
    lotus-view (0.2.0)
      lotus-utils (~> 0.2)
      tilt (~> 2.0, >= 2.0.1)
    rack (1.5.2)
    sequel (4.17.0)
    sqlite3 (1.3.10)
    sqlite3 (1.3.10-x86-mingw32)
    thor (0.19.1)
    tilt (2.0.1)
    url_mount (0.2.1)
      rack

PLATFORMS
  ruby
  x86-mingw32

DEPENDENCIES
  lotus-model!
  lotusrb!
  sqlite3
